GEM
  remote: http://www.rubygems.org/
  specs:
    aws-flow (3.1.0)
      aws-sdk-v1 (~> 1, >= 1.60.2)
      lru_redux (~> 0, >= 0.8.1)
    aws-sdk-v1 (1.64.0)
      json (~> 1.4)
      nokogiri (>= 1.4.4)
    diff-lcs (1.2.5)
    faraday (0.9.1)
      multipart-post (>= 1.2, < 3)
    faraday_middleware (0.9.1)
      faraday (>= 0.7.4, < 0.10)
    feedjira (2.0.0)
      faraday (~> 0.9)
      faraday_middleware (~> 0.9)
      loofah (~> 2.0)
      sax-machine (~> 1.0)
    json (1.8.3)
    loofah (2.0.2)
      nokogiri (>= 1.5.9)
    lru_redux (0.8.4)
    mini_portile (0.6.2)
    multipart-post (2.0.0)
    nokogiri (1.6.6.2)
      mini_portile (~> 0.6.0)
    rspec (3.2.0)
      rspec-core (~> 3.2.0)
      rspec-expectations (~> 3.2.0)
      rspec-mocks (~> 3.2.0)
    rspec-core (3.2.3)
      rspec-support (~> 3.2.0)
    rspec-expectations (3.2.1)
      diff-lcs (>= 1.2.0, < 2.0)
      rspec-support (~> 3.2.0)
    rspec-mocks (3.2.1)
      diff-lcs (>= 1.2.0, < 2.0)
      rspec-support (~> 3.2.0)
    rspec-support (3.2.2)
    rufus-scheduler (3.1.3)
    sax-machine (1.3.2)
    sequel (4.21.0)
    sqlite3 (1.3.10)
    zip (2.0.2)

PLATFORMS
  ruby

DEPENDENCIES
  aws-flow (~> 3.1.0)
  feedjira (~> 2.0.0)
  rspec (~> 3.2.0)
  rufus-scheduler (~> 3.1.3)
  sequel (~> 4.21.0)
  sqlite3
  zip (~> 2.0)
