GEM
  remote: http://www.rubygems.org/
  specs:
    aws-flow (2.4.0)
      aws-sdk-v1 (~> 1, >= 1.60.2)
      lru_redux (~> 0, >= 0.8.1)
    aws-sdk-v1 (1.64.0)
      json (~> 1.4)
      nokogiri (>= 1.4.4)
    json (1.8.3)
    lru_redux (0.8.4)
    mini_portile (0.6.2)
    nokogiri (1.6.6.2)
      mini_portile (~> 0.6.0)
    parse-cron (0.1.4)
    zip (2.0.2)

PLATFORMS
  ruby

DEPENDENCIES
  aws-flow (~> 2.4.0)
  parse-cron (~> 0.1)
  zip (~> 2.0)
